GEM
  remote: https://rubygems.org/
  specs:
    concurrent-ruby (1.1.8)
    deep_merge (1.2.1)
    diff-lcs (1.2.4)
    facter (2.5.7)
    fast_gettext (1.8.0)
    hiera (3.7.0)
    highline (1.6.19)
    hocon (1.3.1)
    httpclient (2.8.3)
    json (1.8.0)
    librarian (0.1.0)
      highline
      thor (~> 0.15)
    librarian-puppet-maestrodev (0.9.9.6)
      json
      librarian (>= 0.1.0)
    locale (2.1.3)
    metaclass (0.0.1)
    mime-types (1.23)
    mini_portile (0.5.1)
    mocha (0.14.0)
      metaclass (~> 0.0.1)
    multi_json (1.15.0)
    nokogiri (1.6.0)
      mini_portile (~> 0.5.0)
    puppet (6.13.0)
      concurrent-ruby (~> 1.0)
      deep_merge (~> 1.0)
      facter (> 2.0.1, < 5)
      fast_gettext (~> 1.1)
      hiera (>= 3.2.1, < 4)
      httpclient (~> 2.8)
      locale (~> 2.1)
      multi_json (~> 1.10)
      puppet-resource_api (~> 1.5)
      semantic_puppet (~> 1.0)
    puppet-blacksmith (1.0.5)
      nokogiri
      puppet (>= 2.7.16)
      puppetlabs_spec_helper (>= 0.3.0)
      rake
      rest-client
    puppet-lint (0.3.2)
    puppet-resource_api (1.8.13)
      hocon (>= 1.0)
    puppetlabs_spec_helper (0.4.1)
      mocha (>= 0.10.5)
      rake
      rspec (>= 2.9.0)
      rspec-puppet (>= 0.1.1)
    rake (10.1.0)
    rest-client (1.6.7)
      mime-types (>= 1.16)
    rspec (2.14.1)
      rspec-core (~> 2.14.0)
      rspec-expectations (~> 2.14.0)
      rspec-mocks (~> 2.14.0)
    rspec-core (2.14.3)
    rspec-expectations (2.14.0)
      diff-lcs (>= 1.1.3, < 2.0)
    rspec-mocks (2.14.1)
    rspec-puppet (0.1.6)
      rspec
    semantic_puppet (1.0.3)
    thor (0.18.1)

PLATFORMS
  ruby

DEPENDENCIES
  librarian-puppet-maestrodev (>= 0.9.7.4)
  puppet (>= 3.0.1)
  puppet-blacksmith (>= 1.0.1)
  puppet-lint (>= 0.1.12)
  puppetlabs_spec_helper
  rake (>= 0.9.2.2)
  rspec-puppet (>= 0.1.3)
